PATH
  remote: .
  specs:
    rdoctor (0.0.1)

GEM
  remote: https://rubygems.org/
  specs:
    aruba (0.7.4)
      childprocess (>= 0.3.6)
      cucumber (>= 1.1.1)
      rspec-expectations (>= 2.7.0)
    builder (3.2.2)
    childprocess (0.5.6)
      ffi (~> 1.0, >= 1.0.11)
    cucumber (2.0.0)
      builder (>= 2.1.2)
      cucumber-core (~> 1.1.3)
      diff-lcs (>= 1.1.3)
      gherkin (~> 2.12)
      multi_json (>= 1.7.5, < 2.0)
      multi_test (>= 0.1.2)
    cucumber-core (1.1.3)
      gherkin (~> 2.12.0)
    diff-lcs (1.2.5)
    ffi (1.9.10)
    gherkin (2.12.2)
      multi_json (~> 1.3)
    iniparse (1.4.0)
    json (1.8.3)
    minitest (5.7.0)
    multi_json (1.11.2)
    multi_test (0.1.2)
    overcommit (0.26.0)
      childprocess (~> 0.5.6)
      iniparse (~> 1.4)
    rake (10.4.2)
    rspec-expectations (3.3.0)
      diff-lcs (>= 1.2.0, < 2.0)
      rspec-support (~> 3.3.0)
    rspec-support (3.3.0)

PLATFORMS
  ruby

DEPENDENCIES
  aruba
  bundler
  cucumber
  json
  minitest
  overcommit
  rake
  rdoctor!

BUNDLED WITH
   1.10.2
